GIT
  remote: https://github.com/theforeman/smart-proxy
  revision: 618e002b134b81e7f7aa0423f9996d285df6d3e3
  branch: develop
  specs:
    smart_proxy (1.23.0.develop)
      json
      logging
      rack (>= 1.1)
      sinatra

PATH
  remote: .
  specs:
    smart_proxy_ipam (0.0.20)

GEM
  remote: https://rubygems.org/
  specs:
    concurrent-ruby (1.1.5)
    json (2.3.1)
    little-plugger (1.1.4)
    logging (2.2.2)
      little-plugger (~> 1.1)
      multi_json (~> 1.10)
    metaclass (0.0.4)
    mocha (1.8.0)
      metaclass (~> 0.0.1)
    multi_json (1.13.1)
    mustermann (1.0.3)
    power_assert (1.1.4)
    rack (2.0.8)
    rack-protection (2.0.5)
      rack
    rack-test (1.1.0)
      rack (>= 1.0, < 3)
    rake (13.0.1)
    sinatra (2.0.5)
      mustermann (~> 1.0)
      rack (~> 2.0)
      rack-protection (= 2.0.5)
      tilt (~> 2.0)
    test-unit (3.3.3)
      power_assert
    tilt (2.0.9)

PLATFORMS
  ruby

DEPENDENCIES
  concurrent-ruby (~> 1.0)
  json
  mocha
  rack-test
  rake
  smart_proxy!
  smart_proxy_ipam!
  test-unit

BUNDLED WITH
   2.1.4
